PATH
  remote: .
  specs:
    tumblargh (0.2.2)
      activesupport (>= 3.1)
      api_cache
      nokogiri
      treetop

GEM
  remote: https://rubygems.org/
  specs:
    activesupport (7.0.3)
      concurrent-ruby (~> 1.0, >= 1.0.2)
      i18n (>= 1.6, < 2)
      minitest (>= 5.1)
      tzinfo (~> 2.0)
    api_cache (0.2.3)
    autotest-standalone (4.5.9)
    concurrent-ruby (1.1.10)
    diff-lcs (1.1.3)
    i18n (1.10.0)
      concurrent-ruby (~> 1.0)
    mini_portile (0.5.1)
    minitest (5.16.0)
    multi_json (1.15.0)
    nokogiri (1.6.0)
      mini_portile (~> 0.5.0)
    polyglot (0.3.3)
    rake (0.9.2.2)
    rspec (2.8.0)
      rspec-core (~> 2.8.0)
      rspec-expectations (~> 2.8.0)
      rspec-mocks (~> 2.8.0)
    rspec-core (2.8.0)
    rspec-expectations (2.8.0)
      diff-lcs (~> 1.1.2)
    rspec-mocks (2.8.0)
    simplecov (0.6.1)
      multi_json (~> 1.0)
      simplecov-html (~> 0.5.3)
    simplecov-html (0.5.3)
    treetop (1.4.15)
      polyglot
      polyglot (>= 0.3.1)
    tzinfo (2.0.4)
      concurrent-ruby (~> 1.0)

PLATFORMS
  ruby

DEPENDENCIES
  autotest-standalone
  rake
  rspec
  simplecov
  tumblargh!
